GEM
  remote: https://rubygems.org/
  specs:

PLATFORMS
  x86_64-linux

DEPENDENCIES
gem 'rspec'

BUNDLED WITH
   2.4.13
